GEM
  remote: http://rubygems.org/
  specs:
    RedCloth (4.2.7)
    classifier (1.3.3)
      fast-stemmer (>= 1.0.0)
    compass (0.10.6)
      haml (>= 3.0.4)
    directory_watcher (1.3.2)
    fast-stemmer (1.0.0)
    foreman (0.18.0)
      term-ansicolor (~> 1.0.5)
      thor (>= 0.13.6)
    haml (3.0.25)
    jekyll (0.10.0)
      classifier (>= 1.3.1)
      directory_watcher (>= 1.1.1)
      liquid (>= 1.9.0)
      maruku (>= 0.5.9)
    liquid (2.2.2)
    maruku (0.6.0)
      syntax (>= 1.0.0)
    rake (0.8.7)
    syntax (1.0.0)
    term-ansicolor (1.0.5)
    thor (0.14.6)
    watchr (0.7)

PLATFORMS
  ruby

DEPENDENCIES
  RedCloth (= 4.2.7)
  compass (~> 0.10)
  foreman
  haml (~> 3)
  jekyll
  maruku
  rake
  watchr
