GEM
  remote: http://rubygems.org/
  specs:
    classifier (1.3.3)
      fast-stemmer (>= 1.0.0)
    compass (0.10.6)
      haml (>= 3.0.4)
    configuration (1.2.0)
    directory_watcher (1.3.2)
    fast-stemmer (1.0.0)
    github (0.6.0)
      highline (~> 1.5.1)
      json (~> 1.4.6)
      launchy (~> 0.3.7)
      text-format (= 1.0.0)
    haml (3.0.25)
    highline (1.5.2)
    jekyll (0.10.0)
      classifier (>= 1.3.1)
      directory_watcher (>= 1.1.1)
      liquid (>= 1.9.0)
      maruku (>= 0.5.9)
    json (1.4.6)
    launchy (0.3.7)
      configuration (>= 0.0.5)
      rake (>= 0.8.1)
    liquid (2.2.2)
    maruku (0.6.0)
      syntax (>= 1.0.0)
    rake (0.8.7)
    rb-appscript (0.6.0)
    syntax (1.0.0)
    terminitor (0.4.1)
      github (~> 0.6.0)
      rb-appscript
      text-format (= 1.0.0)
      text-hyphen (= 1.0.0)
      thor (~> 0.14.0)
    text-format (1.0.0)
      text-hyphen (~> 1.0.0)
    text-hyphen (1.0.0)
    thor (0.14.6)

PLATFORMS
  ruby

DEPENDENCIES
  compass (~> 0.10)
  haml (~> 3)
  jekyll
  maruku
  rake
  terminitor
